GEM
  remote: https://rubygems.org/
  specs:
    yarf (0.1.0)

PLATFORMS
  ruby

DEPENDENCIES
  yarf

BUNDLED WITH
   1.13.6
